PATH
  remote: .
  specs:
    em-eventsource (0.2.2)
      em-http-request (~> 1.0)
      eventmachine (~> 1.0)

GEM
  remote: https://rubygems.org/
  specs:
    addressable (2.3.8)
    cookiejar (0.3.2)
    em-http-request (1.1.2)
      addressable (>= 2.3.4)
      cookiejar
      em-socksify (>= 0.3)
      eventmachine (>= 1.0.3)
      http_parser.rb (>= 0.6.0)
    em-socksify (0.3.0)
      eventmachine (>= 1.0.0.beta.4)
    eventmachine (1.0.8)
    http_parser.rb (0.6.0)
    minitest (5.3.4)
    minitest-spec-context (0.0.3)
    rake (10.3.2)

PLATFORMS
  ruby

DEPENDENCIES
  bundler
  em-eventsource!
  minitest (>= 2.0)
  minitest-spec-context
  rake
